GEM
  remote: https://rubygems.org/
  specs:
    cuba (3.1.1)
      rack
    hiredis (0.5.2)
    msgpack (0.5.9)
    nido (0.0.1)
    ohm (2.0.1)
      msgpack
      nido
      redic
    rack (1.5.2)
    redic (1.1.1)
      hiredis
    shotgun (0.9)
      rack (>= 1.0)
    tilt (2.0.1)

PLATFORMS
  ruby

DEPENDENCIES
  cuba (~> 3.1.1)
  ohm (~> 2.0.1)
  shotgun (~> 0.9)
  tilt (~> 2.0.1)
